PATH
  remote: .
  specs:
    image_gps (0.0.1)

GEM
  remote: https://rubygems.org/
  specs:
    exifr (1.3.4)
    rake (12.3.1)

PLATFORMS
  ruby

DEPENDENCIES
  exifr (~> 1.3, >= 1.3.4)
  image_gps!
  rake (~> 12.3, >= 12.3.1)

BUNDLED WITH
   1.16.3
