GEM
  remote: https://rubygems.org/
  specs:
    exifr (1.3.4)

PLATFORMS
  ruby

DEPENDENCIES
  exifr (~> 1.3, >= 1.3.4)

BUNDLED WITH
   1.16.3
